GEM
  remote: http://rubygems.org/
  specs:
    activesupport (2.3.9)
    capistrano (2.5.19)
      highline
      net-scp (>= 1.0.0)
      net-sftp (>= 2.0.0)
      net-ssh (>= 2.0.14)
      net-ssh-gateway (>= 1.0.0)
    fakefs (0.2.1)
    highline (1.4.0)
    json (1.4.6)
    net-scp (1.0.3)
      net-ssh (>= 1.99.1)
    net-sftp (2.0.5)
      net-ssh (>= 2.0.9)
    net-ssh (2.0.23)
    net-ssh-gateway (1.0.1)
      net-ssh (>= 1.99.1)
    rspec (1.2.9)
    sprinkle (0.3.1)
      activesupport (>= 2.0.2)
      capistrano (>= 2.5.5)
      highline (>= 1.4.0)
    yard (0.6.1)

PLATFORMS
  ruby

DEPENDENCIES
  activesupport (~> 2.3.9)
  capistrano (~> 2.5.5)
  fakefs
  highline (~> 1.4.0)
  json (~> 1.4.6)
  rspec (= 1.2.9)
  sprinkle (~> 0.3.1)
  yard
